GEM
  remote: https://rubygems.org/
  specs:
    activemodel (4.2.6)
      activesupport (= 4.2.6)
      builder (~> 3.1)
    activerecord (4.2.6)
      activemodel (= 4.2.6)
      activesupport (= 4.2.6)
      arel (~> 6.0)
    activesupport (4.2.6)
      i18n (~> 0.7)
      json (~> 1.7, >= 1.7.7)
      minitest (~> 5.1)
      thread_safe (~> 0.3, >= 0.3.4)
      tzinfo (~> 1.1)
    arel (6.0.3)
    bcrypt (3.1.11)
    better_errors (2.1.1)
      coderay (>= 1.0.0)
      erubis (>= 2.6.6)
      rack (>= 0.9.0)
    builder (3.2.2)
    bullet (5.0.0)
      activesupport (>= 3.0.0)
      uniform_notifier (~> 1.9.0)
    chartkick (1.4.2)
    coderay (1.1.1)
    encrypted_cookie (0.0.4)
    erubis (2.7.0)
    i18n (0.7.0)
    json (1.8.3)
    method_source (0.8.2)
    minitest (5.8.4)
    mysql2 (0.4.3)
    pdf-core (0.6.1)
    prawn (2.1.0)
      pdf-core (~> 0.6.1)
      ttfunk (~> 1.4.0)
    pry (0.10.3)
      coderay (~> 1.1.0)
      method_source (~> 0.8.1)
      slop (~> 3.4)
    puma (3.1.1)
    r18n-core (2.1.3)
    rack (1.6.4)
    rack-protection (1.5.3)
      rack
    rack_csrf (2.5.0)
      rack (>= 1.1.0)
    rake (11.1.1)
    ruby-ole (1.2.12)
    sinatra (1.4.6)
      rack (~> 1.4)
      rack-protection (~> 1.4)
      tilt (>= 1.3, < 3)
    sinatra-activerecord (2.0.9)
      activerecord (>= 3.2)
      sinatra (~> 1.0)
    sinatra-cache-assets (0.0.3)
      sinatra (>= 1.0)
    sinatra-flash (0.3.0)
      sinatra (>= 1.0.0)
    sinatra-r18n (2.1.3)
      r18n-core (= 2.1.3)
      sinatra (>= 1.3)
    sinatra-redirect-with-flash (0.2.1)
      sinatra (>= 1.0.0)
    slop (3.6.0)
    spreadsheet (1.1.1)
      ruby-ole (>= 1.0)
    statistics (1.0.0)
    thread_safe (0.3.5)
    tilt (2.0.2)
    ttfunk (1.4.0)
    tzinfo (1.2.2)
      thread_safe (~> 0.1)
    uniform_notifier (1.9.0)

PLATFORMS
  ruby

DEPENDENCIES
  activerecord (>= 4.2.4)
  activesupport (>= 4.2.4)
  bcrypt (>= 3.1.10)
  better_errors
  bullet
  chartkick (>= 1.4.1)
  encrypted_cookie
  erubis (>= 2.7.0)
  mysql2 (>= 0.3.20)
  prawn (>= 2.0.2)
  pry
  puma (>= 2.14.0)
  r18n-core (>= 2.0.4)
  rack_csrf (>= 2.5.0)
  rake (>= 10.4.2)
  sinatra (= 1.4.6)
  sinatra-activerecord (>= 2.0.8)
  sinatra-cache-assets
  sinatra-flash (>= 0.3.0)
  sinatra-r18n (>= 2.0.4)
  sinatra-redirect-with-flash (>= 0.2.1)
  spreadsheet (>= 1.0.7)
  statistics (>= 1.0.0)

BUNDLED WITH
   1.11.2
